GEM
  remote: http://rubygems.org/
  specs:
    jsmin (1.0.1)
    rack (1.5.2)
    rack-protection (1.4.0)
      rack
    rack-test (0.6.2)
      rack (>= 1.0)
    sass (3.2.6)
    sinatra (1.3.5)
      rack (~> 1.4)
      rack-protection (~> 1.3)
      tilt (~> 1.3, >= 1.3.3)
    sinatra-assetpack (0.1.6)
      jsmin
      rack-test
      sinatra
      tilt (>= 1.3.0)
    tilt (1.3.4)

PLATFORMS
  x86-mingw32

DEPENDENCIES
  sass (~> 3.2.6)
  sinatra (~> 1.3.5)
  sinatra-assetpack (~> 0.1.6)
